PATH
  remote: .
  specs:
    cruby (0.1.0)

GEM
  remote: https://rubygems.org/
  specs:
    asciidoctor (1.5.8)
    asciidoctor-rouge (0.4.0)
      asciidoctor (>= 1.5.6, < 2.1)
      rouge (>= 2.2, < 4)
    diff-lcs (1.3)
    rake (10.5.0)
    rake-compiler (1.0.7)
      rake
    rouge (3.3.0)
    rspec (3.8.0)
      rspec-core (~> 3.8.0)
      rspec-expectations (~> 3.8.0)
      rspec-mocks (~> 3.8.0)
    rspec-core (3.8.0)
      rspec-support (~> 3.8.0)
    rspec-expectations (3.8.2)
      diff-lcs (>= 1.2.0, < 2.0)
      rspec-support (~> 3.8.0)
    rspec-mocks (3.8.0)
      diff-lcs (>= 1.2.0, < 2.0)
      rspec-support (~> 3.8.0)
    rspec-support (3.8.0)

PLATFORMS
  ruby

DEPENDENCIES
  asciidoctor (~> 1.5)
  asciidoctor-rouge (~> 0.4.0)
  bundler (~> 1.17)
  cruby!
  rake (~> 10.0)
  rake-compiler (~> 1.0)
  rspec (~> 3.0)

BUNDLED WITH
   1.17.2
